{
	"TaskName": "p300",
	"Manufacturer": "g.tec",
	"PowerLineFrequency": 50.0,
	"SamplingFrequency": 512.0,
	"SoftwareFilters": "n/a",
	"RecordingDuration": 595.998046875,
	"RecordingType": "continuous",
	"EEGReference": "right earlobe",
	"EEGGround": "FZ",
	"EEGPlacementScheme": "standard_1010",
	"EEGChannelCount": 16,
	"EOGChannelCount": 0,
	"ECGChannelCount": 0,
	"EMGChannelCount": 0,
	"TriggerChannelCount": 0,
	"ManufacturersModelName": "g.USBamp (g.tec, Schiedlberg, Austria)",
	"SoftwareVersions": "OpenVibe",
	"CapManufacturer": "g.tec",
	"CapManufacturersModelName": "g.Sahara",
	"HardwareFilters": {
		"HardwareFilter": "no digital filter applied"
	},
	"TaskDescription": "[oddball] calibration-less P300-based BCI system with dry electrodes; screening session for potential candidates for a broader multi-user BCI study",
	"Instructions": "Destroy the target symbol by focusing attention on it. Players had up to eight attempts to destroy the target symbol per level.",
	"CogAtlasID": "https://www.cognitiveatlas.org/task/id/tsk_GxjZBNiJorj1K/",
	"InstitutionName": "GIPSA-lab, CNRS, University Grenoble-Alpes, Grenoble INP",
	"InstitutionAddress": "GIPSA-lab, 11 rue des Math\u00e9matiques, Grenoble Campus BP46, F-38402, France",
	"InstitutionalDepartmentName": "n/a",
	"SubjectArtefactDescription": "n/a",
	"DeviceSerialNumber": "n/a",
	"Description": "Dataset contains electroencephalographic (EEG) recordings of 71 subjects playing to a visual P300 Brain-Computer Interface (BCI) videogame named Brain Invaders. The interface uses the oddball paradigm on a grid of 36 symbols (1 Target, 35 Non-Target) that are flashed pseudo-randomly to elicit the P300 response.",
	"MISCChannelCount": 0
}